GEM
  remote: https://rubygems.org/
  specs:
    awesome_print (1.8.0)
    bugsnag (2.8.6)
      multi_json (~> 1.0)
    byebug (11.0.1)
    irb (1.0.0)
    json (2.2.0)
    multi_json (1.11.0)
    rake (10.4.2)
    redis (3.2.1)
    thread (0.2.2)

PLATFORMS
  ruby

DEPENDENCIES
  awesome_print
  bugsnag
  byebug
  irb
  json
  rake
  redis
  thread

BUNDLED WITH
   2.0.1
